PATH
  remote: .
  specs:
    sanctuary (0.1.3)
      thor (~> 0.2)
      tty-prompt (~> 0.0)

GEM
  remote: https://rubygems.org/
  specs:
    coderay (1.1.2)
    equatable (0.5.0)
    method_source (0.9.2)
    minitest (5.11.3)
    necromancer (0.4.0)
    pastel (0.7.2)
      equatable (~> 0.5.0)
      tty-color (~> 0.4.0)
    pry (0.12.2)
      coderay (~> 1.1.0)
      method_source (~> 0.9.0)
    rake (10.5.0)
    thor (0.20.3)
    timers (4.3.0)
    tty-color (0.4.3)
    tty-cursor (0.6.1)
    tty-prompt (0.18.1)
      necromancer (~> 0.4.0)
      pastel (~> 0.7.0)
      timers (~> 4.0)
      tty-cursor (~> 0.6.0)
      tty-reader (~> 0.5.0)
    tty-reader (0.5.0)
      tty-cursor (~> 0.6.0)
      tty-screen (~> 0.6.4)
      wisper (~> 2.0.0)
    tty-screen (0.6.5)
    wisper (2.0.0)

PLATFORMS
  ruby

DEPENDENCIES
  bundler (~> 1.17)
  minitest (~> 5.0)
  pry (~> 0.0)
  rake (~> 10.0)
  sanctuary!

BUNDLED WITH
   1.17.3
